GEM
  remote: https://rubygems.org/
  specs:
    heroku-deflater (0.5.3)
      rack (>= 1.4.5)
    rack (1.5.2)

PLATFORMS
  ruby

DEPENDENCIES
  heroku-deflater
  rack
